PATH
  remote: .
  specs:
    sapphire (0.6.3)
      Platform
      colorize
      selenium-webdriver

GEM
  remote: http://rubygems.org/
  specs:
    Platform (0.4.0)
    childprocess (0.2.1)
      ffi (~> 1.0.6)
    colorize (0.5.8)
    ffi (1.0.9-x86-mingw32)
    json_pure (1.5.3)
    rubyzip (0.9.4)
    selenium-webdriver (2.8.0)
      childprocess (>= 0.2.1)
      ffi (>= 1.0.7)
      json_pure
      rubyzip

PLATFORMS
  ruby
  x86-mingw32

DEPENDENCIES
  sapphire!
