PATH
  remote: .
  specs:
    sapphire (0.3.2)
      colorize
      selenium-webdriver
      win32console

GEM
  remote: http://rubygems.org/
  specs:
    childprocess (0.2.1)
      ffi (~> 1.0.6)
    colorize (0.5.8)
    ffi (1.0.9-x86-mingw32)
    json_pure (1.5.3)
    rubyzip (0.9.4)
    selenium-webdriver (2.5.0)
      childprocess (>= 0.2.1)
      ffi (>= 1.0.7)
      json_pure
      rubyzip
    win32console (1.3.0-x86-mingw32)

PLATFORMS
  x86-mingw32

DEPENDENCIES
  sapphire!
